GEM
  remote: https://rubygems.org/
  specs:
    addressable (2.5.2)
      public_suffix (>= 2.0.2, < 4.0)
    css_parser (1.6.0)
      addressable
    minitest (5.11.3)
    minitest-hooks (1.5.0)
      minitest (> 5.3)
    public_suffix (3.0.3)

PLATFORMS
  ruby
<<<<<<< HEAD
=======
  x64-mingw32
>>>>>>> 033c933a1389308ad11c7f365810dd97fae95ec2

DEPENDENCIES
  css_parser
  minitest
  minitest-hooks

BUNDLED WITH
<<<<<<< HEAD
   1.16.4
=======
   1.16.5
>>>>>>> 033c933a1389308ad11c7f365810dd97fae95ec2
